PATH
  remote: .
  specs:
    bard (0.15.4)
      bard-rake (>= 0.1.1)
      capistrano (= 2.5.10)
      git_remote_branch (>= 0.3.0)
      grit (= 1.1.1)
      rvm-capistrano
      systemu (>= 1.2.0)
      term-ansicolor (>= 1.0.3)
      thor (= 0.11.7)
      versionomy (>= 0.3.0)

GEM
  remote: http://gemcutter.org/
  specs:
    bard-rake (0.4.3)
    blockenspiel (0.4.3)
    builder (2.1.2)
    capistrano (2.5.10)
      highline
      net-scp (>= 1.0.0)
      net-sftp (>= 2.0.0)
      net-ssh (>= 2.0.14)
      net-ssh-gateway (>= 1.0.0)
    cucumber (0.9.4)
      builder (~> 2.1.2)
      diff-lcs (~> 1.1.2)
      gherkin (~> 2.2.9)
      json (~> 1.4.6)
      term-ansicolor (~> 1.0.5)
    diff-lcs (1.1.2)
    gherkin (2.2.9)
      json (~> 1.4.6)
      term-ansicolor (~> 1.0.5)
    git_remote_branch (0.3.3)
      rainbow
    grit (1.1.1)
      diff-lcs (>= 1.1.2)
      mime-types (>= 1.15)
    highline (1.6.11)
    json (1.4.6)
    mime-types (1.18)
    net-scp (1.0.4)
      net-ssh (>= 1.99.1)
    net-sftp (2.0.5)
      net-ssh (>= 2.0.9)
    net-ssh (2.3.0)
    net-ssh-gateway (1.1.0)
      net-ssh (>= 1.99.1)
    rainbow (1.1.3)
    rspec (1.3.1)
    rvm-capistrano (1.0.2)
      capistrano (>= 2.0.0)
    systemu (2.5.0)
    term-ansicolor (1.0.5)
    thor (0.11.7)
    versionomy (0.4.3)
      blockenspiel (>= 0.4.3)

PLATFORMS
  ruby

DEPENDENCIES
  bard!
  cucumber (~> 0.9.0)
  rspec (~> 1.3.0)
