PATH
  remote: .
  specs:
    bard (0.25.3)
      bard-rake (>= 0.1.1)
      capistrano (= 2.5.10)
      net-ssh (= 3.0.1)
      rvm-capistrano
      systemu (>= 1.2.0)
      term-ansicolor (>= 1.0.3)
      thor (= 0.11.7)

GEM
  remote: http://rubygems.org/
  specs:
    bard-rake (0.12.3)
      rake
    builder (3.2.2)
    byebug (3.5.1)
      columnize (~> 0.8)
      debugger-linecache (~> 1.2)
      slop (~> 3.6)
    capistrano (2.5.10)
      highline
      net-scp (>= 1.0.0)
      net-sftp (>= 2.0.0)
      net-ssh (>= 2.0.14)
      net-ssh-gateway (>= 1.0.0)
    columnize (0.8.9)
    cucumber (1.3.17)
      builder (>= 2.1.2)
      diff-lcs (>= 1.1.3)
      gherkin (~> 2.12)
      multi_json (>= 1.7.5, < 2.0)
      multi_test (>= 0.1.1)
    debugger-linecache (1.2.0)
    diff-lcs (1.2.5)
    gherkin (2.12.2)
      multi_json (~> 1.3)
    highline (1.7.8)
    multi_json (1.10.1)
    multi_test (0.1.1)
    net-scp (1.2.1)
      net-ssh (>= 2.6.5)
    net-sftp (2.1.2)
      net-ssh (>= 2.6.5)
    net-ssh (3.0.1)
    net-ssh-gateway (1.3.0)
      net-ssh (>= 2.6.5)
    rake (12.0.0)
    rspec (3.1.0)
      rspec-core (~> 3.1.0)
      rspec-expectations (~> 3.1.0)
      rspec-mocks (~> 3.1.0)
    rspec-core (3.1.7)
      rspec-support (~> 3.1.0)
    rspec-expectations (3.1.2)
      diff-lcs (>= 1.2.0, < 2.0)
      rspec-support (~> 3.1.0)
    rspec-mocks (3.1.3)
      rspec-support (~> 3.1.0)
    rspec-support (3.1.2)
    rvm-capistrano (1.4.1)
      capistrano (>= 2.0.0)
    slop (3.6.0)
    systemu (2.6.5)
    term-ansicolor (1.6.0)
      tins (~> 1.0)
    thor (0.11.7)
    tins (1.15.0)

PLATFORMS
  ruby

DEPENDENCIES
  bard!
  byebug
  cucumber
  rspec

BUNDLED WITH
   1.15.2
